PATH
  remote: .
  specs:
    shopify_liquid_tags (0.1.0)
      liquid (~> 5.0)

GEM
  remote: https://rubygems.org/
  specs:
    diff-lcs (1.5.1)
    liquid (5.5.1)
    rspec (3.13.0)
      rspec-core (~> 3.13.0)
      rspec-expectations (~> 3.13.0)
      rspec-mocks (~> 3.13.0)
    rspec-core (3.13.0)
      rspec-support (~> 3.13.0)
    rspec-expectations (3.13.2)
      diff-lcs (>= 1.2.0, < 2.0)
      rspec-support (~> 3.13.0)
    rspec-mocks (3.13.1)
      diff-lcs (>= 1.2.0, < 2.0)
      rspec-support (~> 3.13.0)
    rspec-support (3.13.1)

PLATFORMS
  x86_64-linux

DEPENDENCIES
  liquid
  rspec
  shopify_liquid_tags!

BUNDLED WITH
   2.3.26
